PATH
  remote: .
  specs:
    todoist (0.1.0)
      highline (~> 1.5)
      httparty (~> 0.3)
      thor (~> 0.9)

GEM
  remote: https://rubygems.org/
  specs:
    highline (1.6.21)
    httparty (0.21.0)
      mini_mime (>= 1.0.0)
      multi_xml (>= 0.5.2)
    mini_mime (1.1.2)
    multi_xml (0.6.0)
    thor (0.19.1)

PLATFORMS
  ruby

DEPENDENCIES
  todoist!
